GEM
  remote: https://rubygems.org/
  specs:
    aws-eventstream (1.2.0)
    aws-sigv4 (1.6.0)
      aws-eventstream (~> 1, >= 1.0.2)
    dotenv (2.8.1)
    vault (0.17.0)
      aws-sigv4

PLATFORMS
  x86_64-linux

DEPENDENCIES
  dotenv
  vault

RUBY VERSION
   ruby 3.0.2p107

BUNDLED WITH
   2.3.5
